GEM
  remote: https://rubygems.org/
  specs:
    puma (2.10.2)
      rack (>= 1.1, < 2.0)
    rack (1.5.2)
    rack-test (0.6.2)
      rack (>= 1.0)

PLATFORMS
  ruby

DEPENDENCIES
  puma
  rack
  rack-test
